GEM
  remote: https://rubygems.org/
  specs:
    multi_json (1.10.1)
    redis (3.2.0)
    rollbar (1.4.0)
      multi_json (~> 1.3)

PLATFORMS
  ruby

DEPENDENCIES
  redis
  rollbar
